GEM
  remote: http://rubygems.org/
  specs:
    childprocess (3.0.0)
    coderay (1.1.0)
    commonwatir (4.0.0)
    diff-lcs (1.2.5)
    ffi (1.9.15)
    method_source (0.8.2)
    mini_magick (4.3.6)
    mini_portile2 (2.4.0)
    multi_json (1.14.1)
    nokogiri (1.10.9-x86-mingw32)
      mini_portile2 (~> 2.4.0)
    pry (0.10.1)
      coderay (~> 1.1.0)
      method_source (~> 0.8.1)
      slop (~> 3.4)
    pry (0.10.1-x86-mingw32)
      coderay (~> 1.1.0)
      method_source (~> 0.8.1)
      slop (~> 3.4)
      win32console (~> 1.3)
    rautomation (0.17.0)
      ffi (~> 1.9.0)
    rspec (3.1.0)
      rspec-core (~> 3.1.0)
      rspec-expectations (~> 3.1.0)
      rspec-mocks (~> 3.1.0)
    rspec-core (3.1.6)
      rspec-support (~> 3.1.0)
    rspec-expectations (3.1.2)
      diff-lcs (>= 1.2.0, < 2.0)
      rspec-support (~> 3.1.0)
    rspec-mocks (3.1.3)
      rspec-support (~> 3.1.0)
    rspec-support (3.1.2)
    rubyzip (2.3.0)
    selenium-webdriver (3.142.7)
      childprocess (>= 0.5, < 4.0)
      rubyzip (>= 1.2.2)
    slop (3.6.0)
    watir (5.0.0)
      commonwatir (~> 4)
      watir-webdriver
    watir (5.0.0-x86-mingw32)
      commonwatir (~> 4)
      watir-classic (~> 4.0)
      watir-webdriver
    watir-classic (4.3.0)
      ffi (~> 1.0)
      multi_json
      nokogiri (>= 1.5.7.rc3)
      rautomation (~> 0.7)
      win32-process (>= 0.5.5)
      win32screenshot (~> 2.1.0)
      windows-pr (>= 0.6.6)
    watir-webdriver (0.9.9)
      selenium-webdriver (>= 2.46.2)
    win32-api (1.8.0-universal-mingw32)
    win32-process (0.8.3)
      ffi (>= 1.0.0)
    win32console (1.3.2-x86-mingw32)
    win32screenshot (2.1.0)
      ffi (~> 1.9.0)
      mini_magick (~> 4.3.0)
      rautomation (~> 0.7)
    windows-api (0.4.4)
      win32-api (>= 1.4.5)
    windows-pr (1.2.6)
      win32-api (>= 1.4.5)
      windows-api (>= 0.4.0)

PLATFORMS
  ruby
  x86-mingw32

DEPENDENCIES
  pry
  rspec
  watir
